GEM
  remote: https://rubygems.org/
  specs:
    rainbow (3.0.0)
    sorbet-runtime (0.5.5605)
    yard (0.9.36)

PLATFORMS
  ruby

DEPENDENCIES
  rainbow (~> 3.0)
  sorbet-runtime (~> 0.5.5605)
  yard (~> 0.9.36)

BUNDLED WITH
   1.17.2
